GIT
  remote: git://github.com/PeerStreet/cells-handlebars.git
  revision: 53113224e618298d5707bda9425850c5507e5939
  specs:
    cells-handlebars (0.2.2)

GIT
  remote: git://github.com/SCPR/outpost-aggregator.git
  revision: 0ddb35922584b978eecaed00c0a9a89d895f6912
  tag: v2.1.0
  specs:
    outpost-aggregator (2.0.0)

GIT
  remote: git://github.com/SCPR/outpost-asset_host.git
  revision: a2c500592bb8a3942585240763a69fc55b1479ee
  specs:
    outpost-asset_host (1.1.1)

GIT
  remote: git://github.com/SCPR/outpost-secretary.git
  revision: 8e47cd33f45f2a2b55d85fbc7b7521b17352bba2
  tag: v0.1.1
  specs:
    outpost-secretary (0.1.1)
      outpost-cms (>= 0.0.1, < 1)
      secretary-rails (>= 1.0.0, < 3)

GIT
  remote: git://github.com/SCPR/outpost.git
  revision: ad5d35e82b44f4e392feb9acda23cf897aff1cba
  tag: v0.3.2
  specs:
    outpost-cms (0.1.7)
      bcrypt-ruby (>= 3.0.0, < 4)
      jquery-rails (~> 3.0)
      kaminari (~> 0.15.1)
      rails (>= 3.2, < 5)
      select2-rails (= 3.4.1)

GIT
  remote: git://github.com/SCPR/resque-pool.git
  revision: dc5523cbc452c8ebc5d117e90a01f01c6165db3f
  specs:
    resque-pool (0.4.0.rc1)
      rake
      resque (~> 1.22)
      trollop (~> 1.16)

GIT
  remote: git://github.com/scpr/asset_host_client.git
  revision: 4597ad634733120d3d1ee15e684fdf73a24aa662
  tag: v2.1.7
  specs:
    asset_host_client (2.1.7)
      faraday (~> 0.8)
      faraday_middleware (~> 0.8)
      rails (>= 4)

GIT
  remote: git://github.com/scpr/megaphone_client.git
  revision: 53e070c4de9e2f13d562c551a672ca87af6bc43c
  specs:
    megaphone_client (0.5.1)
      rest-client (~> 2.0)

GIT
  remote: git://github.com/scpr/npr.git
  revision: 6a6a650e92eb9ed0acb2f51d0958685fcf97d931
  specs:
    npr (3.0.0)
      faraday (~> 0.8.0)
      faraday_middleware (~> 0.9.0)

GEM
  remote: http://rubygems.org/
  specs:
    actionmailer (4.2.10)
      actionpack (= 4.2.10)
      actionview (= 4.2.10)
      activejob (= 4.2.10)
      mail (~> 2.5, >= 2.5.4)
      rails-dom-testing (~> 1.0, >= 1.0.5)
    actionpack (4.2.10)
      actionview (= 4.2.10)
      activesupport (= 4.2.10)
      rack (~> 1.6)
      rack-test (~> 0.6.2)
      rails-dom-testing (~> 1.0, >= 1.0.5)
      rails-html-sanitizer (~> 1.0, >= 1.0.2)
    actionview (4.2.10)
      activesupport (= 4.2.10)
      builder (~> 3.1)
      erubis (~> 2.7.0)
      rails-dom-testing (~> 1.0, >= 1.0.5)
      rails-html-sanitizer (~> 1.0, >= 1.0.3)
    activejob (4.2.10)
      activesupport (= 4.2.10)
      globalid (>= 0.3.0)
    activemodel (4.2.10)
      activesupport (= 4.2.10)
      builder (~> 3.1)
    activerecord (4.2.10)
      activemodel (= 4.2.10)
      activesupport (= 4.2.10)
      arel (~> 6.0)
    activerecord-nulldb-adapter (0.3.9)
      activerecord (>= 2.0.0)
    activesupport (4.2.10)
      i18n (~> 0.7)
      minitest (~> 5.1)
      thread_safe (~> 0.3, >= 0.3.4)
      tzinfo (~> 1.1)
    addressable (2.4.0)
    ansi (1.5.0)
    arel (6.0.4)
    audio_vision (1.0.0)
      faraday (~> 0.8.8)
      faraday_middleware (~> 0.9.0)
    autoprefixer-rails (6.3.7)
      execjs
    aws-sdk (2.2.14)
      aws-sdk-resources (= 2.2.14)
    aws-sdk-core (2.2.14)
      jmespath (~> 1.0)
    aws-sdk-resources (2.2.14)
      aws-sdk-core (= 2.2.14)
    bcrypt (3.1.10)
    bcrypt-ruby (3.1.5)
      bcrypt (>= 3.1.3)
    better_errors (2.1.1)
      coderay (>= 1.0.0)
      erubis (>= 2.6.6)
      rack (>= 0.9.0)
    binding_of_caller (0.7.2)
      debug_inspector (>= 0.0.1)
    bootstrap-sass (2.3.2.2)
      sass (~> 3.2)
    browser_sync_rails (0.1.1)
      rails
    browserify-rails (1.1.0)
      railties (>= 4.0.0, < 5.0)
    builder (3.2.3)
    byebug (9.0.6)
    capybara (2.4.4)
      mime-types (>= 1.16)
      nokogiri (>= 1.3.3)
      rack (>= 1.0.0)
      rack-test (>= 0.5.4)
      xpath (~> 2.0)
    carrierwave (0.10.0)
      activemodel (>= 3.2.0)
      activesupport (>= 3.2.0)
      json (>= 1.7)
      mime-types (>= 1.16)
    cells (4.1.6)
      declarative-builder (< 0.2.0)
      declarative-option (< 0.2.0)
      tilt (>= 1.4, < 3)
      uber (< 0.2.0)
    cells-capture (0.0.3)
      cells
    cells-erb (0.0.9)
      cells (~> 4.0)
      erbse (>= 0.0.2, < 0.1.0)
    cells-rails (0.0.7)
      actionpack (>= 3.0)
      cells (>= 4.1.6, < 5.0.0)
    coderay (1.1.0)
    coffee-rails (4.0.1)
      coffee-script (>= 2.2.0)
      railties (>= 4.0.0, < 5.0)
    coffee-script (2.4.1)
      coffee-script-source
      execjs
    coffee-script-source (1.9.1.1)
    concurrent-ruby (1.0.5)
    crack (0.4.3)
      safe_yaml (~> 1.0.0)
    crass (1.0.3)
    dalli (2.7.2)
    database_cleaner (1.4.1)
    debug_inspector (0.0.2)
    declarative-builder (0.1.0)
      declarative-option (< 0.2.0)
    declarative-option (0.1.0)
    diff-lcs (1.3)
    diffy (3.0.7)
    domain_name (0.5.20180417)
      unf (>= 0.0.5, < 1.0.0)
    eco (1.0.0)
      coffee-script
      eco-source
      execjs
    eco-source (1.1.0.rc.1)
    elasticsearch (7.0.0)
      elasticsearch-api (= 7.0.0)
      elasticsearch-transport (= 7.0.0)
    elasticsearch-api (7.0.0)
      multi_json
    elasticsearch-extensions (0.0.31)
      ansi
      elasticsearch
    elasticsearch-model (7.0.0)
      activesupport (> 3)
      elasticsearch (> 1)
      hashie
    elasticsearch-rails (7.0.0)
    elasticsearch-transport (7.0.0)
      faraday
      multi_json
    erbse (0.0.2)
    erubis (2.7.0)
    escape_utils (1.0.1)
    excon (0.45.4)
    execjs (2.5.2)
    factory_girl (4.5.0)
      activesupport (>= 3.0.0)
    factory_girl_rails (4.5.0)
      factory_girl (~> 4.5.0)
      railties (>= 3.0.0)
    faker (1.6.1)
      i18n (~> 0.5)
    faraday (0.8.11)
      multipart-post (~> 1.2.0)
    faraday_middleware (0.9.1)
      faraday (>= 0.7.4, < 0.10)
    ffi (1.9.8)
    formatador (0.2.5)
    globalid (0.4.1)
      activesupport (>= 4.2.0)
    guard (1.8.3)
      formatador (>= 0.2.4)
      listen (~> 1.3)
      lumberjack (>= 1.0.2)
      pry (>= 0.9.10)
      thor (>= 0.14.6)
    guard-resque (0.0.5)
      guard (>= 0.8)
      resque
    guard-rspec (1.2.1)
      guard (>= 1.1)
    hashdiff (1.0.0)
    hashie (1.2.0)
    hike (1.2.3)
    hodel_3000_compliant_logger (0.1.1)
    honeybadger (2.7.0)
    html-pipeline (2.4.2)
      activesupport (>= 2)
      nokogiri (>= 1.4)
    htmlentities (4.3.4)
    http-cookie (1.0.3)
      domain_name (~> 0.5)
    i18n (0.9.3)
      concurrent-ruby (~> 1.0)
    ice_cube (0.11.3)
    jbuilder (1.5.3)
      activesupport (>= 3.0.0)
      multi_json (>= 1.2.0)
    jmespath (1.1.3)
    jquery-rails (3.1.3)
      railties (>= 3.0, < 5.0)
      thor (>= 0.14, < 2.0)
    json (2.1.0)
    jwt (0.1.11)
      multi_json (>= 1.5)
    kaminari (0.15.1)
      actionpack (>= 3.0.0)
      activesupport (>= 3.0.0)
    launchy (2.4.2)
      addressable (~> 2.3)
    listen (1.3.1)
      rb-fsevent (>= 0.9.3)
      rb-inotify (>= 0.9)
      rb-kqueue (>= 0.2)
    loofah (2.1.1)
      crass (~> 1.0.2)
      nokogiri (>= 1.5.9)
    lumberjack (1.0.9)
    mail (2.7.0)
      mini_mime (>= 0.1.1)
    method_source (0.8.2)
    mime-types (3.1)
      mime-types-data (~> 3.2015)
    mime-types-data (3.2016.0521)
    mini_mime (1.0.0)
    mini_portile2 (2.3.0)
    minitest (5.11.3)
    mono_logger (1.1.0)
    multi_json (1.13.1)
    multi_xml (0.5.5)
    multipart-post (1.2.0)
    mysql2 (0.3.21)
    netrc (0.11.0)
    newrelic_rpm (4.7.1.340)
    nokogiri (1.8.2)
      mini_portile2 (~> 2.3.0)
    oauth2 (0.9.3)
      faraday (>= 0.8, < 0.10)
      jwt (~> 0.1.8)
      multi_json (~> 1.3)
      multi_xml (~> 0.5)
      rack (~> 1.2)
    oink (0.10.1)
      activerecord
      hodel_3000_compliant_logger
    one_signal (1.2.0)
    open_uri_redirections (0.2.1)
    outpost-publishing (1.0.1)
    patron (0.4.18)
    pmp (0.5.6)
      activesupport
      excon
      faraday
      faraday_middleware
      hashie
      multi_json
      oauth2
      uri_template
    postmark (1.1.2)
      json
      rake
    postmark-rails (0.6.0)
      actionmailer (>= 3.0.0)
      postmark (~> 1.1.0)
    pry (0.10.1)
      coderay (~> 1.1.0)
      method_source (~> 0.8.1)
      slop (~> 3.4)
    pygments.rb (1.2.1)
      multi_json (>= 1.0.0)
    rack (1.6.9)
    rack-protection (1.5.5)
      rack
    rack-test (0.6.3)
      rack (>= 1.0)
    rack-utf8_sanitizer (1.2.2)
      rack (~> 1.0)
    rails (4.2.10)
      actionmailer (= 4.2.10)
      actionpack (= 4.2.10)
      actionview (= 4.2.10)
      activejob (= 4.2.10)
      activemodel (= 4.2.10)
      activerecord (= 4.2.10)
      activesupport (= 4.2.10)
      bundler (>= 1.3.0, < 2.0)
      railties (= 4.2.10)
      sprockets-rails
    rails-deprecated_sanitizer (1.0.3)
      activesupport (>= 4.2.0.alpha)
    rails-dom-testing (1.0.9)
      activesupport (>= 4.2.0, < 5.0)
      nokogiri (~> 1.6)
      rails-deprecated_sanitizer (>= 1.0.1)
    rails-html-sanitizer (1.0.3)
      loofah (~> 2.0)
    railties (4.2.10)
      actionpack (= 4.2.10)
      activesupport (= 4.2.10)
      rake (>= 0.8.7)
      thor (>= 0.18.1, < 2.0)
    rake (10.5.0)
    rb-fsevent (0.9.4)
    rb-inotify (0.9.5)
      ffi (>= 0.5.0)
    rb-kqueue (0.2.4)
      ffi (>= 0.5.0)
    recaptcha (0.4.0)
    redis (3.0.7)
    redis-actionpack (5.0.2)
      actionpack (>= 4.0, < 6)
      redis-rack (>= 1, < 3)
      redis-store (>= 1.1.0, < 2)
    redis-activesupport (5.0.4)
      activesupport (>= 3, < 6)
      redis-store (>= 1.3, < 2)
    redis-namespace (1.4.1)
      redis (~> 3.0.4)
    redis-rack (2.0.4)
      rack (>= 1.5, < 3)
      redis-store (>= 1.2, < 2)
    redis-rails (5.0.2)
      redis-actionpack (>= 5.0, < 6)
      redis-activesupport (>= 5.0, < 6)
      redis-store (>= 1.2, < 2)
    redis-store (1.4.1)
      redis (>= 2.2, < 5)
    render_anywhere (0.0.11)
      rails (>= 3.0.7)
    responders (2.1.0)
      railties (>= 4.2.0, < 5)
    resque (1.26.pre.0)
      mono_logger (~> 1.0)
      multi_json (~> 1.0)
      redis-namespace (~> 1.2)
      sinatra (>= 0.9.2)
      vegas (~> 0.1.2)
    resque-scheduler (4.1.0)
      mono_logger (~> 1.0)
      redis (~> 3.0)
      resque (~> 1.25)
      rufus-scheduler (~> 3.0)
    resque_solo (0.3.0)
      resque (~> 1.25)
    rest-client (2.0.2)
      http-cookie (>= 1.0.2, < 2.0)
      mime-types (>= 1.16, < 4.0)
      netrc (~> 0.8)
    reverse_markdown (1.0.3)
      nokogiri
    rspec-cells (0.3.4)
      cells (>= 4.0.0, < 6.0.0)
      rspec-rails (~> 3.2)
    rspec-core (3.2.3)
      rspec-support (~> 3.2.0)
    rspec-expectations (3.2.1)
      diff-lcs (>= 1.2.0, < 2.0)
      rspec-support (~> 3.2.0)
    rspec-mocks (3.2.1)
      diff-lcs (>= 1.2.0, < 2.0)
      rspec-support (~> 3.2.0)
    rspec-rails (3.2.1)
      actionpack (>= 3.0, < 4.3)
      activesupport (>= 3.0, < 4.3)
      railties (>= 3.0, < 4.3)
      rspec-core (~> 3.2.0)
      rspec-expectations (~> 3.2.0)
      rspec-mocks (~> 3.2.0)
      rspec-support (~> 3.2.0)
    rspec-support (3.2.2)
    rspec_junit_formatter (0.4.1)
      rspec-core (>= 2, < 4, != 2.12.0)
    ruby-mp3info (0.8.10)
    ruby-prof (0.15.2)
    rubyzip (1.2.1)
    rufus-scheduler (3.0.9)
      tzinfo
    safe_yaml (1.0.5)
    sanitize (2.1.0)
      nokogiri (>= 1.4.4)
    sass (3.4.16)
    sass-rails (5.0.0.beta1)
      railties (>= 4.0.0, < 5.0)
      sass (~> 3.2)
      sprockets (~> 2.12)
      sprockets-rails (>= 2.0, < 4.0)
    secretary-rails (2.0.1)
      activerecord (>= 4.0.0, < 6)
      diffy (>= 3.0, < 4)
      railties (>= 4.0.0, < 6)
    select2-rails (3.4.1)
      sass-rails
      thor (~> 0.14)
    shoulda-matchers (2.6.1)
      activesupport (>= 3.0.0)
    simple_form (3.1.0)
      actionpack (~> 4.0)
      activemodel (~> 4.0)
    simple_oauth (0.2.0)
    sinatra (1.4.8)
      rack (~> 1.5)
      rack-protection (~> 1.4)
      tilt (>= 1.3, < 3)
    slack-notifier (1.0.0)
    slop (3.6.0)
    sprockets (2.12.4)
      hike (~> 1.2)
      multi_json (~> 1.0)
      rack (~> 1.0)
      tilt (~> 1.1, != 1.3.0)
    sprockets-rails (2.3.3)
      actionpack (>= 3.0)
      activesupport (>= 3.0)
      sprockets (>= 2.8, < 4.0)
    test_after_commit (0.4.1)
      activerecord (>= 3.2)
    thor (0.20.0)
    thread_safe (0.3.6)
    tilt (1.4.1)
    timecop (0.8.0)
    trollop (1.16.2)
    twitter (4.8.1)
      faraday (~> 0.8, < 0.10)
      multi_json (~> 1.0)
      simple_oauth (~> 0.2)
    twitter-text (1.9.0)
      unf (~> 0.1.0)
    tzinfo (1.2.5)
      thread_safe (~> 0.1)
    uber (0.1.0)
    uglifier (2.5.0)
      execjs (>= 0.3.0)
      json (>= 1.8.0)
    unf (0.1.4)
      unf_ext
    unf_ext (0.0.7.5)
    uri_template (0.7.0)
    vegas (0.1.11)
      rack (>= 1.0.0)
    webmock (2.3.2)
      addressable (>= 2.3.6)
      crack (>= 0.3.2)
      hashdiff
    xpath (2.0.0)
      nokogiri (~> 1.3)
    yajl-ruby (1.3.1)

PLATFORMS
  ruby

DEPENDENCIES
  activerecord-nulldb-adapter
  asset_host_client!
  audio_vision (~> 1.0)
  autoprefixer-rails
  aws-sdk (~> 2)
  bcrypt-ruby (~> 3.1.0)
  better_errors
  binding_of_caller
  bootstrap-sass (~> 2.2)
  browser_sync_rails
  browserify-rails
  byebug
  capybara (~> 2.0)
  carrierwave (~> 0.6)
  cells-capture
  cells-erb
  cells-handlebars!
  cells-rails
  coffee-rails (~> 4.0.0)
  dalli
  database_cleaner
  eco (~> 1.0)
  elasticsearch (~> 7.0.0)
  elasticsearch-extensions
  elasticsearch-model (~> 7.0.0)
  elasticsearch-rails
  escape_utils (~> 1.0.1)
  factory_girl_rails
  faker
  faraday (~> 0.8)
  faraday_middleware (~> 0.8)
  guard (~> 1.5)
  guard-resque
  guard-rspec
  hashie (~> 1.2.0)
  honeybadger (~> 2.0)
  html-pipeline
  htmlentities
  ice_cube (~> 0.11.0)
  jbuilder (~> 1.5.3)
  jquery-rails (~> 3.1.0)
  kaminari (~> 0.15.0)
  launchy
  megaphone_client!
  mysql2 (~> 0.3.18)
  newrelic_rpm (~> 4.0, >= 4.0.0.332)
  npr (~> 3.0)!
  oauth2 (~> 0.8)
  oink (~> 0.10.1)
  one_signal
  open_uri_redirections
  outpost-aggregator!
  outpost-asset_host!
  outpost-cms!
  outpost-publishing
  outpost-secretary!
  patron
  pmp (= 0.5.6)
  postmark-rails (~> 0.6.0)
  pry
  pygments.rb (~> 1.1)
  rack-utf8_sanitizer
  rails (~> 4.2, >= 4.2.7)
  rake (< 11.0)
  rb-fsevent (~> 0.9)
  recaptcha (~> 0.4.0)
  redis-rails
  render_anywhere
  responders (~> 2.0)
  resque (~> 1.26.pre.0)
  resque-pool!
  resque-scheduler (~> 4.0)
  resque_solo
  rest-client
  reverse_markdown
  rspec-cells (~> 0.3.3)
  rspec-rails (~> 3.2.1)
  rspec_junit_formatter
  ruby-mp3info (~> 0.8.10)
  ruby-prof
  rubyzip (~> 1.2)
  rufus-scheduler
  sanitize (~> 2.0)
  sass-rails (= 5.0.0beta1)
  secretary-rails (~> 2.0.1)
  select2-rails (= 3.4.1)
  shoulda-matchers
  simple_form (~> 3.1.0)
  slack-notifier
  test_after_commit
  timecop
  twitter (~> 4.1)
  twitter-text (~> 1.5)
  uglifier (>= 1.3)
  webmock (~> 2.3.2)
  yajl-ruby (~> 1.3, >= 1.3.1)

BUNDLED WITH
   1.17.1
